GIT
  remote: https://github.com/craigambrose/refinerycms-atamai_theme.git
  revision: 4c1df007e7cb4aee2d280123dbb483da67faed42
  specs:
    refinerycms-atamai_theme (1.0)
      refinerycms-core (~> 2.0.5)

GIT
  remote: https://github.com/resolve/refinerycms-blog.git
  revision: 6e0358a4d7e49d93c9c10de926e57d56b5fe65e4
  branch: 2-0-stable
  specs:
    refinerycms-blog (2.0.4)
      acts-as-taggable-on
      filters_spam (~> 0.2)
      rails_autolink
      refinerycms-core (~> 2.0.3)
      refinerycms-settings (~> 2.0.1)
      seo_meta (~> 1.3.0)

GIT
  remote: https://github.com/resolve/refinerycms-search.git
  revision: 004f63b0d9b0f833a3cbb35fc08086921882af17
  branch: 2-0-stable
  specs:
    refinerycms-search (2.0.0)
      refinerycms-core (~> 2.0.4)

GEM
  remote: http://rubygems.org/
  specs:
    actionmailer (3.2.1)
      actionpack (= 3.2.1)
      mail (~> 2.4.0)
    actionpack (3.2.1)
      activemodel (= 3.2.1)
      activesupport (= 3.2.1)
      builder (~> 3.0.0)
      erubis (~> 2.7.0)
      journey (~> 1.0.1)
      rack (~> 1.4.0)
      rack-cache (~> 1.1)
      rack-test (~> 0.6.1)
      sprockets (~> 2.1.2)
    activemodel (3.2.1)
      activesupport (= 3.2.1)
      builder (~> 3.0.0)
    activerecord (3.2.1)
      activemodel (= 3.2.1)
      activesupport (= 3.2.1)
      arel (~> 3.0.0)
      tzinfo (~> 0.3.29)
    activeresource (3.2.1)
      activemodel (= 3.2.1)
      activesupport (= 3.2.1)
    activesupport (3.2.1)
      i18n (~> 0.6)
      multi_json (~> 1.0)
    acts-as-taggable-on (2.3.3)
      rails (~> 3.0)
    acts_as_indexed (0.7.8)
    arel (3.0.2)
    awesome_nested_set (2.1.3)
      activerecord (>= 3.0.0)
    babosa (0.3.7)
    bcrypt-ruby (3.0.1)
    builder (3.0.0)
    capistrano (2.12.0)
      highline
      net-scp (>= 1.0.0)
      net-sftp (>= 2.0.0)
      net-ssh (>= 2.0.14)
      net-ssh-gateway (>= 1.1.0)
    coffee-rails (3.2.2)
      coffee-script (>= 2.2.0)
      railties (~> 3.2.0)
    coffee-script (2.2.0)
      coffee-script-source
      execjs
    coffee-script-source (1.3.3)
    devise (2.0.4)
      bcrypt-ruby (~> 3.0)
      orm_adapter (~> 0.0.3)
      railties (~> 3.1)
      warden (~> 1.1.1)
    diff-lcs (1.1.3)
    dragonfly (0.9.12)
      rack
    erubis (2.7.0)
    execjs (1.4.0)
      multi_json (~> 1.0)
    filters_spam (0.3)
    friendly_id (4.0.7)
    globalize3 (0.2.0)
      activemodel (>= 3.0.0)
      activerecord (>= 3.0.0)
      paper_trail (~> 2)
    haml (3.1.6)
    haml-rails (0.3.4)
      actionpack (~> 3.0)
      activesupport (~> 3.0)
      haml (~> 3.0)
      railties (~> 3.0)
    highline (1.6.13)
    hike (1.2.1)
    i18n (0.6.0)
    journey (1.0.4)
    jquery-rails (2.0.2)
      railties (>= 3.2.0, < 5.0)
      thor (~> 0.14)
    json (1.7.3)
    mail (2.4.4)
      i18n (>= 0.4.0)
      mime-types (~> 1.16)
      treetop (~> 1.4.8)
    mime-types (1.19)
    multi_json (1.3.6)
    mysql2 (0.3.11)
    net-scp (1.0.4)
      net-ssh (>= 1.99.1)
    net-sftp (2.0.5)
      net-ssh (>= 2.0.9)
    net-ssh (2.5.2)
    net-ssh-gateway (1.1.0)
      net-ssh (>= 1.99.1)
    orm_adapter (0.0.7)
    paper_trail (2.6.3)
      activerecord (~> 3.0)
      railties (~> 3.0)
    polyglot (0.3.3)
    rack (1.4.1)
    rack-cache (1.2)
      rack (>= 0.4)
    rack-ssl (1.3.2)
      rack
    rack-test (0.6.1)
      rack (>= 1.0)
    rails (3.2.1)
      actionmailer (= 3.2.1)
      actionpack (= 3.2.1)
      activerecord (= 3.2.1)
      activeresource (= 3.2.1)
      activesupport (= 3.2.1)
      bundler (~> 1.0)
      railties (= 3.2.1)
    rails_autolink (1.0.9)
      rails (~> 3.1)
    railties (3.2.1)
      actionpack (= 3.2.1)
      activesupport (= 3.2.1)
      rack-ssl (~> 1.3.2)
      rake (>= 0.8.7)
      rdoc (~> 3.4)
      thor (~> 0.14.6)
    rake (0.9.2.2)
    rdoc (3.12)
      json (~> 1.4)
    refinerycms (2.0.5)
      bundler (~> 1.0)
      refinerycms-authentication (= 2.0.5)
      refinerycms-core (= 2.0.5)
      refinerycms-dashboard (= 2.0.5)
      refinerycms-images (= 2.0.5)
      refinerycms-pages (= 2.0.5)
      refinerycms-resources (= 2.0.5)
    refinerycms-authentication (2.0.5)
      devise (~> 2.0.0)
      orm_adapter (~> 0.0.7)
      refinerycms-core (= 2.0.5)
    refinerycms-core (2.0.5)
      acts_as_indexed (~> 0.7.7)
      awesome_nested_set (~> 2.1.3)
      coffee-rails (~> 3.2.1)
      friendly_id (~> 4.0.1)
      globalize3 (~> 0.2.0)
      jquery-rails (~> 2.0.0)
      rails (>= 3.1.3, < 3.3)
      sass-rails (~> 3.2.3)
      truncate_html (~> 0.5)
      uglifier (>= 1.0.3)
      will_paginate (~> 3.0.2)
    refinerycms-dashboard (2.0.5)
      refinerycms-core (= 2.0.5)
    refinerycms-i18n (2.0.0)
      refinerycms-core (~> 2.0.0)
      routing-filter (>= 0.2.3)
    refinerycms-images (2.0.5)
      dragonfly (~> 0.9.8)
      rack-cache (>= 0.5.3)
      refinerycms-core (= 2.0.5)
    refinerycms-inquiries (2.0.3)
      filters_spam (~> 0.2)
      refinerycms-core (~> 2.0.1)
      refinerycms-settings (~> 2.0.1)
    refinerycms-page-images (2.0.1)
      refinerycms-pages (~> 2.0.0)
    refinerycms-pages (2.0.5)
      awesome_nested_set (~> 2.1.3)
      babosa (!= 0.3.6)
      refinerycms-core (= 2.0.5)
      seo_meta (~> 1.3.0)
    refinerycms-resources (2.0.5)
      dragonfly (~> 0.9.8)
      rack-cache (>= 0.5.3)
      refinerycms-core (= 2.0.5)
    refinerycms-settings (2.0.2)
      refinerycms-core (~> 2.0.1)
    routing-filter (0.3.1)
      actionpack
    rspec (2.11.0)
      rspec-core (~> 2.11.0)
      rspec-expectations (~> 2.11.0)
      rspec-mocks (~> 2.11.0)
    rspec-core (2.11.0)
    rspec-expectations (2.11.1)
      diff-lcs (~> 1.1.3)
    rspec-mocks (2.11.1)
    rspec-rails (2.11.0)
      actionpack (>= 3.0)
      activesupport (>= 3.0)
      railties (>= 3.0)
      rspec (~> 2.11.0)
    sass (3.1.20)
    sass-rails (3.2.5)
      railties (~> 3.2.0)
      sass (>= 3.1.10)
      tilt (~> 1.3)
    seo_meta (1.3.0)
      railties (>= 3.0.0)
    sprockets (2.1.3)
      hike (~> 1.2)
      rack (~> 1.0)
      tilt (~> 1.1, != 1.3.0)
    thor (0.14.6)
    tilt (1.3.3)
    treetop (1.4.10)
      polyglot
      polyglot (>= 0.3.1)
    truncate_html (0.5.5)
    tzinfo (0.3.33)
    uglifier (1.2.6)
      execjs (>= 0.3.0)
      multi_json (~> 1.3)
    warden (1.1.1)
      rack (>= 1.0)
    will_paginate (3.0.3)

PLATFORMS
  ruby

DEPENDENCIES
  capistrano
  coffee-rails (~> 3.2.1)
  haml-rails
  jquery-rails
  mysql2
  rails (= 3.2.1)
  refinerycms (~> 2.0.0)
  refinerycms-atamai_theme!
  refinerycms-blog (~> 2.0.0)!
  refinerycms-i18n (~> 2.0.0)
  refinerycms-inquiries (~> 2.0.0)
  refinerycms-page-images (~> 2.0.0)
  refinerycms-search (~> 2.0.0)!
  rspec
  rspec-rails
  sass-rails (~> 3.2.3)
  uglifier (>= 1.0.3)
